GEM
  remote: https://rubygems.org/
  specs:
    backports (3.17.1)
    builder (3.2.4)
    childprocess (3.0.0)
    cucumber (3.1.2)
      builder (>= 2.1.2)
      cucumber-core (~> 3.2.0)
      cucumber-expressions (~> 6.0.1)
      cucumber-wire (~> 0.0.1)
      diff-lcs (~> 1.3)
      gherkin (~> 5.1.0)
      multi_json (>= 1.7.5, < 2.0)
      multi_test (>= 0.1.2)
    cucumber-core (3.2.1)
      backports (>= 3.8.0)
      cucumber-tag_expressions (~> 1.1.0)
      gherkin (~> 5.0)
    cucumber-expressions (6.0.1)
    cucumber-tag_expressions (1.1.1)
    cucumber-wire (0.0.1)
    diff-lcs (1.3)
    ffi (1.12.2)
    ffi (1.12.2-x64-mingw32)
    gherkin (5.1.0)
    json (2.3.0)
    logger (1.4.2)
    multi_json (1.14.1)
    multi_test (0.1.2)
    nokogiri (1.13.2-x64-mingw32)
      racc (~> 1.4)
    nokogiri (1.13.2-x86_64-linux)
      racc (~> 1.4)
    power_assert (1.2.0)
    racc (1.6.0)
    rake (13.0.1)
    report_builder (1.8)
      json (>= 1.8.1)
    rubyzip (2.3.0)
    selenium-webdriver (3.142.7)
      childprocess (>= 0.5, < 4.0)
      rubyzip (>= 1.2.2)
    test-unit (3.3.5)
      power_assert
    webdrivers (4.3.0)
      nokogiri (~> 1.6)
      rubyzip (>= 1.3.0)
      selenium-webdriver (>= 3.0, < 4.0)

PLATFORMS
  x64-mingw32
  x86_64-linux

DEPENDENCIES
  bundler
  cucumber (~> 3.1.2)
  cucumber-core
  cucumber-expressions
  cucumber-wire
  ffi
  logger
  nokogiri (~> 1.13.2)
  rake
  report_builder
  selenium-webdriver
  test-unit
  webdrivers (~> 4.0)

BUNDLED WITH
   2.1.4
